GEM
  remote: http://rubygems.org/
  specs:
    celluloid (0.12.4)
      facter (>= 1.6.12)
      timers (>= 1.0.0)
    celluloid-io (0.12.1)
      celluloid (~> 0.12.0)
      nio4r (>= 0.4.0)
    facter (1.6.17)
    nio4r (0.4.3)
    timers (1.1.0)

PLATFORMS
  ruby

DEPENDENCIES
  celluloid-io
